PATH
  remote: .
  specs:
    papercraft (0.10)
      escape_utils (= 1.2.1)
      kramdown (~> 2.3.0)
      kramdown-parser-gfm (~> 1.1.0)
      rouge (~> 3.26.0)

GEM
  remote: https://rubygems.org/
  specs:
    benchmark-ips (2.7.2)
    erubis (2.7.0)
    escape_utils (1.2.1)
    kramdown (2.3.1)
      rexml
    kramdown-parser-gfm (1.1.0)
      kramdown (~> 2.0)
    minitest (5.11.3)
    rexml (3.2.5)
    rouge (3.26.1)
    tilt (2.0.9)

PLATFORMS
  ruby

DEPENDENCIES
  benchmark-ips (= 2.7.2)
  erubis (= 2.7.0)
  minitest (= 5.11.3)
  papercraft!
  tilt (= 2.0.9)

BUNDLED WITH
   2.1.4
