PATH
  remote: .
  specs:
    papercraft (0.8)
      escape_utils (= 1.2.1)

GEM
  remote: https://rubygems.org/
  specs:
    benchmark-ips (2.7.2)
    erubis (2.7.0)
    escape_utils (1.2.1)
    minitest (5.11.3)
    tilt (2.0.9)

PLATFORMS
  ruby

DEPENDENCIES
  benchmark-ips (= 2.7.2)
  erubis (= 2.7.0)
  minitest (= 5.11.3)
  papercraft!
  tilt (= 2.0.9)

BUNDLED WITH
   2.1.4
